GEM
  remote: https://rubygems.org/
  specs:
    addressable (2.2.8)
    builder (3.2.2)
    crack (0.4.2)
      safe_yaml (~> 1.0.0)
    github (0.7.2)
      highline (~> 1.6)
      json_pure (~> 1.5.1)
      launchy (~> 2.0.2)
      text-format (= 1.0.0)
      text-hyphen (= 1.0.0)
    happymapper (0.4.1)
      libxml-ruby (~> 2.0)
    highline (1.6.20)
    json_pure (1.5.5)
      spruz (~> 0.2.8)
    launchy (2.0.5)
      addressable (~> 2.2.6)
    libxml-ruby (2.7.0)
    mime-types (2.1)
    mini_portile (0.5.2)
    nokogiri (1.6.1)
      mini_portile (~> 0.5.0)
    nokogiri-happymapper (0.5.8)
      nokogiri (~> 1.5)
    pivotal-tracker (0.5.12)
      builder
      builder
      crack
      happymapper (>= 0.3.2)
      nokogiri (>= 1.4.3)
      nokogiri (>= 1.5.5)
      nokogiri-happymapper (>= 0.5.4)
      rest-client (~> 1.6.0)
      rest-client (~> 1.6.0)
    rest-client (1.6.7)
      mime-types (>= 1.16)
    safe_yaml (1.0.1)
    spruz (0.2.13)
    sqlite3 (1.3.8)
    text-format (1.0.0)
      text-hyphen (~> 1.0.0)
    text-hyphen (1.0.0)

PLATFORMS
  ruby

DEPENDENCIES
  github
  pivotal-tracker
  sqlite3
